GEM
  remote: https://rubygems.org/
  specs:
    algoliasearch (1.6.1)
      httpclient (~> 2.4)
      json (>= 1.5.1)
    algoliasearch-jekyll (0.5.3)
      algoliasearch (~> 1.4)
      awesome_print (~> 1.6)
      json (~> 1.8)
      nokogiri (~> 1.6)
    autoprefixer-rails (6.1.2)
      execjs
      json
    awesome_print (1.6.1)
    colorator (0.1)
    execjs (2.6.0)
    ffi (1.9.10)
    httpclient (2.7.0.1)
    i18n (0.7.0)
    jekyll (3.0.1)
      colorator (~> 0.1)
      jekyll-sass-converter (~> 1.0)
      jekyll-watch (~> 1.1)
      kramdown (~> 1.3)
      liquid (~> 3.0)
      mercenary (~> 0.3.3)
      rouge (~> 1.7)
      safe_yaml (~> 1.0)
    jekyll-archives (2.1.0)
      jekyll (>= 2.4)
    jekyll-paginate (1.1.0)
    jekyll-responsive_image (0.13.0)
      jekyll (>= 2.0, < 4.0)
      rmagick
    jekyll-sass-converter (1.3.0)
      sass (~> 3.2)
    jekyll-sitemap (0.9.0)
    jekyll-watch (1.3.0)
      listen (~> 3.0)
    json (1.8.3)
    kramdown (1.9.0)
    liquid (3.0.6)
    listen (3.0.5)
      rb-fsevent (>= 0.9.3)
      rb-inotify (>= 0.9)
    mercenary (0.3.5)
    mini_portile2 (2.0.0)
    nokogiri (1.6.7)
      mini_portile2 (~> 2.0.0.rc2)
    octopress-autoprefixer (2.0.0)
      autoprefixer-rails
      jekyll (~> 3.0)
    rb-fsevent (0.9.6)
    rb-inotify (0.9.5)
      ffi (>= 0.5.0)
    rmagick (2.15.4)
    rouge (1.10.1)
    safe_yaml (1.0.4)
    sass (3.4.20)

PLATFORMS
  ruby

DEPENDENCIES
  algoliasearch-jekyll
  i18n
  jekyll (~> 3.0, >= 3.0.1)
  jekyll-archives
  jekyll-paginate
  jekyll-responsive_image
  jekyll-sitemap
  octopress-autoprefixer

BUNDLED WITH
   1.10.6
