GIT
  remote: git://github.com/ffi/ffi.git
  revision: 250ed0d3ccc77c397fd46b65d94b6b502feb850f
  branch: elcapt
  specs:
    ffi (1.9.10)

GIT
  remote: git://github.com/jekyll/jekyll.git
  revision: b539c32364d941e1f0b23de41b7367419191eb18
  branch: master
  specs:
    jekyll (3.2.0.pre.beta1)
      colorator (~> 1.0)
      jekyll-sass-converter (~> 1.0)
      jekyll-watch (~> 1.1)
      kramdown (~> 1.3)
      liquid (~> 3.0)
      mercenary (~> 0.3.3)
      pathutil (~> 0.9)
      rouge (~> 1.7)
      safe_yaml (~> 1.0)

GIT
  remote: git://github.com/wildlyinaccurate/jekyll-responsive-image.git
  revision: 301d9bf466288f2e51fe7325e630a94703c17e80
  specs:
    jekyll-responsive_image (0.17.0)
      jekyll (>= 2.0, < 4.0)
      rmagick (>= 2.0, < 3.0)

GEM
  remote: https://rubygems.org/
  specs:
    activesupport (4.2.6)
      i18n (~> 0.7)
      json (~> 1.7, >= 1.7.7)
      minitest (~> 5.1)
      thread_safe (~> 0.3, >= 0.3.4)
      tzinfo (~> 1.1)
    addressable (2.4.0)
    algoliasearch (1.9.0)
      httpclient (~> 2.7.1)
      json (>= 1.5.1)
    algoliasearch-jekyll (0.7.0)
      algoliasearch (~> 1.4)
      appraisal (~> 2.1.0)
      awesome_print (~> 1.6)
      json (~> 1.8)
      nokogiri (~> 1.6)
      verbal_expressions (~> 0.1.5)
    appraisal (2.1.0)
      bundler
      rake
      thor (>= 0.14.0)
    autoprefixer-rails (6.3.6.2)
      execjs
    awesome_print (1.7.0)
    byebug (9.0.5)
    coderay (1.1.1)
    colorator (1.0.0)
    colored (1.2)
    concurrent-ruby (1.0.2)
    em-websocket (0.5.1)
      eventmachine (>= 0.12.9)
      http_parser.rb (~> 0.6.0)
    ethon (0.9.0)
      ffi (>= 1.3.0)
    eventmachine (1.2.0.1)
    execjs (2.7.0)
    extras (0.1.0)
      forwardable-extended (~> 2.5)
    fastimage (2.0.0)
      addressable (~> 2)
    forwardable-extended (2.6.0)
    gemoji (2.1.0)
    html-pipeline (2.4.1)
      activesupport (>= 2, < 5)
      nokogiri (>= 1.4)
    html-proofer (3.0.6)
      activesupport (~> 4.2)
      addressable (~> 2.3)
      colored (~> 1.2)
      mercenary (~> 0.3.2)
      nokogiri (~> 1.5)
      parallel (~> 1.3)
      typhoeus (~> 0.7)
      yell (~> 2.0)
    http_parser.rb (0.6.0)
    httpclient (2.7.2)
    i18n (0.7.0)
    jekyll-archives (2.1.0)
      jekyll (>= 2.4)
    jekyll-assets (2.2.7)
      extras (~> 0.1)
      fastimage (~> 2.0, >= 1.8)
      jekyll (~> 3.1, >= 3.0)
      pathutil (>= 0.8)
      sprockets (~> 3.3)
    jekyll-compose (0.4.1)
      jekyll (>= 2.5.0)
    jekyll-livereload (0.2.1)
      em-websocket (~> 0.5)
      jekyll (~> 3.0)
    jekyll-post-files (1.0.4)
    jekyll-sass-converter (1.4.0)
      sass (~> 3.4)
    jekyll-sitemap (0.10.0)
    jekyll-tagging (1.0.1)
      ruby-nuggets
    jekyll-tagging-related_posts (0.2.1)
      jekyll (~> 3.0)
      jekyll-tagging (~> 1.0.0)
    jekyll-watch (1.4.0)
      listen (~> 3.0, < 3.1)
    jemoji (0.6.2)
      gemoji (~> 2.0)
      html-pipeline (~> 2.2)
      jekyll (>= 3.0)
    json (1.8.3)
    kramdown (1.11.1)
    liquid (3.0.6)
    listen (3.0.8)
      rb-fsevent (~> 0.9, >= 0.9.4)
      rb-inotify (~> 0.9, >= 0.9.7)
    mercenary (0.3.6)
    method_source (0.8.2)
    mini_portile2 (2.1.0)
    minitest (5.9.0)
    nokogiri (1.6.8)
      mini_portile2 (~> 2.1.0)
      pkg-config (~> 1.1.7)
    nuggets (1.0.0)
    octopress-autoprefixer (2.0.0)
      autoprefixer-rails
      jekyll (~> 3.0)
    octopress-debugger (1.0.2)
      jekyll
      pry-byebug
    parallel (1.9.0)
    pathutil (0.14.0)
      forwardable-extended (~> 2.6)
    pkg-config (1.1.7)
    pry (0.10.3)
      coderay (~> 1.1.0)
      method_source (~> 0.8.1)
      slop (~> 3.4)
    pry-byebug (3.4.0)
      byebug (~> 9.0)
      pry (~> 0.10)
    rack (1.6.4)
    rake (11.2.2)
    rb-fsevent (0.9.7)
    rb-inotify (0.9.7)
      ffi (>= 0.5.0)
    rmagick (2.15.4)
    rouge (1.11.1)
    ruby-nuggets (1.0.0)
      nuggets (= 1.0.0)
    safe_yaml (1.0.4)
    sass (3.4.22)
    slop (3.6.0)
    sprockets (3.6.2)
      concurrent-ruby (~> 1.0)
      rack (> 1, < 3)
    thor (0.19.1)
    thread_safe (0.3.5)
    typhoeus (0.8.0)
      ethon (>= 0.8.0)
    tzinfo (1.2.2)
      thread_safe (~> 0.1)
    verbal_expressions (0.1.5)
    yell (2.0.6)

PLATFORMS
  ruby

DEPENDENCIES
  algoliasearch-jekyll
  ffi!
  html-proofer
  i18n
  jekyll!
  jekyll-archives
  jekyll-assets
  jekyll-compose
  jekyll-livereload
  jekyll-post-files
  jekyll-responsive_image!
  jekyll-sitemap
  jekyll-tagging-related_posts
  jemoji
  octopress-autoprefixer
  octopress-debugger

BUNDLED WITH
   1.11.2
