GIT
  remote: https://github.com/borisschapira/jekyll-responsive-image.git
  revision: 43f6b2c58ce7188e619bf963ab8b2ee7b07ea741
  specs:
    jekyll-responsive_image (0.13.0)
      jekyll (>= 2.0, < 4.0)
      rmagick

GEM
  remote: https://rubygems.org/
  specs:
    addressable (2.4.0)
    algoliasearch (1.6.1)
      httpclient (~> 2.4)
      json (>= 1.5.1)
    algoliasearch-jekyll (0.5.3)
      algoliasearch (~> 1.4)
      awesome_print (~> 1.6)
      json (~> 1.8)
      nokogiri (~> 1.6)
    autoprefixer-rails (6.1.2)
      execjs
      json
    awesome_print (1.6.1)
    byebug (8.2.1)
    coderay (1.1.0)
    colorator (0.1)
    concurrent-ruby (1.0.0)
    execjs (2.6.0)
    fastimage (1.8.1)
      addressable (~> 2.3, >= 2.3.5)
    ffi (1.9.10)
    httpclient (2.7.0.1)
    i18n (0.7.0)
    jekyll (3.0.1)
      colorator (~> 0.1)
      jekyll-sass-converter (~> 1.0)
      jekyll-watch (~> 1.1)
      kramdown (~> 1.3)
      liquid (~> 3.0)
      mercenary (~> 0.3.3)
      rouge (~> 1.7)
      safe_yaml (~> 1.0)
    jekyll-archives (2.1.0)
      jekyll (>= 2.4)
    jekyll-assets (2.1.2)
      fastimage (~> 1.8)
      jekyll (~> 3.0)
      sprockets (~> 3.3)
      sprockets-helpers (~> 1.2)
      tilt (~> 2.0)
    jekyll-paginate (1.1.0)
    jekyll-sass-converter (1.3.0)
      sass (~> 3.2)
    jekyll-sitemap (0.9.0)
    jekyll-watch (1.3.0)
      listen (~> 3.0)
    json (1.8.3)
    kramdown (1.9.0)
    liquid (3.0.6)
    listen (3.0.5)
      rb-fsevent (>= 0.9.3)
      rb-inotify (>= 0.9)
    mercenary (0.3.5)
    method_source (0.8.2)
    mini_portile2 (2.0.0)
    nokogiri (1.6.7)
      mini_portile2 (~> 2.0.0.rc2)
    octopress-autoprefixer (2.0.0)
      autoprefixer-rails
      jekyll (~> 3.0)
    octopress-debugger (1.0.2)
      jekyll
      pry-byebug
    pry (0.10.3)
      coderay (~> 1.1.0)
      method_source (~> 0.8.1)
      slop (~> 3.4)
    pry-byebug (3.3.0)
      byebug (~> 8.0)
      pry (~> 0.10)
    rack (1.6.4)
    rb-fsevent (0.9.6)
    rb-inotify (0.9.5)
      ffi (>= 0.5.0)
    rmagick (2.15.4)
    rouge (1.10.1)
    safe_yaml (1.0.4)
    sass (3.4.20)
    slop (3.6.0)
    sprockets (3.5.2)
      concurrent-ruby (~> 1.0)
      rack (> 1, < 3)
    sprockets-helpers (1.2.1)
      sprockets (>= 2.2)
    tilt (2.0.1)

PLATFORMS
  ruby

DEPENDENCIES
  algoliasearch-jekyll
  i18n
  jekyll (~> 3.0, >= 3.0.1)
  jekyll-archives
  jekyll-assets
  jekyll-paginate
  jekyll-responsive_image!
  jekyll-sitemap
  octopress-autoprefixer
  octopress-debugger

BUNDLED WITH
   1.10.6
